PATH
  remote: .
  specs:
    bb-ruby (0.9.9)

GEM
  remote: https://rubygems.org/
  specs:

PLATFORMS
  ruby

DEPENDENCIES
  bb-ruby!
